GIT
  remote: git://github.com/mark-moseley/linecache
  revision: 869c6a65155068415925067e480741bd0a71527e
  specs:
    linecache19 (0.5.12)
      ruby_core_source (>= 0.1.4)

GEM
  remote: http://rubygems.org/
  specs:
    activesupport (3.2.5)
      i18n (~> 0.6)
      multi_json (~> 1.0)
    archive-tar-minitar (0.5.2)
    bcrypt (3.1.13)
    bcrypt-ruby (3.1.5)
      bcrypt (>= 3.1.3)
    byebug (9.0.5)
    coderay (1.1.1)
    columnize (0.3.6)
    database_cleaner (1.5.3)
    diff-lcs (1.4.4)
    factory_girl (3.4.0)
      activesupport (>= 3.0.0)
    gpgme (2.0.20)
      mini_portile2 (~> 2.3)
    i18n (0.6.0)
    json (2.3.1)
    method_source (0.8.2)
    mini_portile2 (2.4.0)
    multi_json (1.3.6)
    net-ldap (0.16.2)
    nokogiri (1.10.10)
      mini_portile2 (~> 2.4.0)
    parkdown-libertree (1.4.27)
    pg (1.2.3)
    pry (0.10.3)
      coderay (~> 1.1.0)
      method_source (~> 0.8.1)
      slop (~> 3.4)
    pry-byebug (3.4.0)
      byebug (~> 9.0)
      pry (~> 0.10)
    rake (0.9.2.2)
    rspec (3.9.0)
      rspec-core (~> 3.9.0)
      rspec-expectations (~> 3.9.0)
      rspec-mocks (~> 3.9.0)
    rspec-core (3.9.2)
      rspec-support (~> 3.9.3)
    rspec-expectations (3.9.2)
      diff-lcs (>= 1.2.0, < 2.0)
      rspec-support (~> 3.9.0)
    rspec-mocks (3.9.1)
      diff-lcs (>= 1.2.0, < 2.0)
      rspec-support (~> 3.9.0)
    rspec-support (3.9.3)
    ruby-debug-base19 (0.11.25)
      columnize (>= 0.3.1)
      linecache19 (>= 0.5.11)
      ruby_core_source (>= 0.1.4)
    ruby-debug-base19x (0.11.30.pre10)
      columnize (>= 0.3.1)
      linecache19 (>= 0.5.11)
      rake (>= 0.8.1)
      ruby_core_source (>= 0.1.4)
    ruby-debug19 (0.11.6)
      columnize (>= 0.3.1)
      linecache19 (>= 0.5.11)
      ruby-debug-base19 (>= 0.11.19)
    ruby-oembed (0.13.1)
    ruby_core_source (0.1.5)
      archive-tar-minitar (>= 0.5.2)
    sequel (5.34.0)
    slop (3.6.0)

PLATFORMS
  ruby

DEPENDENCIES
  bcrypt-ruby (~> 3.1.5)
  database_cleaner
  factory_girl
  gpgme (~> 2.0.20)
  json (~> 2.3.1)
  linecache19!
  net-ldap (~> 0.16.2)
  nokogiri (~> 1.10.10)
  parkdown-libertree (~> 1.4.26)
  pg (~> 1.2.3)
  pry-byebug
  rspec (~> 3.9.0)
  ruby-debug-base19x (~> 0.11.30.pre4)
  ruby-debug19
  ruby-oembed (~> 0.13.1)
  sequel (~> 5.34.0)

BUNDLED WITH
   2.1.2
